GEM
  specs:
    asana (0.6.0)
      faraday (~> 0.9)
      faraday_middleware (~> 0.9)
      faraday_middleware-multi_json (~> 0.0)
      oauth2 (~> 1.0)
    faraday (0.9.2)
      multipart-post (>= 1.2, < 3)
    faraday_middleware (0.10.0)
      faraday (>= 0.7.4, < 0.10)
    faraday_middleware-multi_json (0.0.6)
      faraday_middleware
      multi_json
    jwt (1.5.6)
    multi_json (1.12.1)
    multi_xml (0.6.0)
    multipart-post (2.0.0)
    oauth2 (1.3.0)
      faraday (>= 0.8, < 0.11)
      jwt (~> 1.0)
      multi_json (~> 1.3)
      multi_xml (~> 0.5)
      rack (>= 1.2, < 3)
    rack (2.0.1)

PLATFORMS
  ruby

DEPENDENCIES
  asana

RUBY VERSION
   ruby 2.3.1p112

BUNDLED WITH
   1.13.6
